GEM
  remote: https://rubygems.org/
  specs:
    aws-sdk (2.0.45)
      aws-sdk-resources (= 2.0.45)
    aws-sdk-core (2.0.45)
      builder (~> 3.0)
      jmespath (~> 1.0)
      multi_json (~> 1.0)
    aws-sdk-resources (2.0.45)
      aws-sdk-core (= 2.0.45)
    builder (3.2.2)
    concurrent-ruby (0.8.0)
      ref (~> 1.0, >= 1.0.5)
    concurrent-ruby-ext (0.8.0)
      concurrent-ruby (~> 0.8.0)
    config_env (0.1.0)
    daemons (1.2.2)
    eventmachine (1.0.7)
    httparty (0.13.5)
      json (~> 1.8)
      multi_xml (>= 0.5.2)
    jmespath (1.0.2)
      multi_json (~> 1.0)
    json (1.8.2)
    multi_json (1.11.0)
    multi_xml (0.5.5)
    rack (1.6.1)
    rack-protection (1.5.3)
      rack
    ref (1.0.5)
    sinatra (1.4.6)
      rack (~> 1.4)
      rack-protection (~> 1.4)
      tilt (>= 1.3, < 3)
    thin (1.6.3)
      daemons (~> 1.0, >= 1.0.9)
      eventmachine (~> 1.0)
      rack (~> 1.0)
    tilt (2.0.1)

PLATFORMS
  ruby

DEPENDENCIES
  aws-sdk
  concurrent-ruby-ext
  config_env
  httparty
  sinatra
  thin
